GEM
  remote: http://rubygems.org/
  specs:
    addressable (2.3.3)
    builder (3.2.0)
    chatterbot (0.6.5)
      launchy (>= 2.1.2)
      oauth
      twitter (>= 4.4.0)
    faraday (0.8.6)
      multipart-post (~> 1.1)
    httpauth (0.2.0)
    jwt (0.1.5)
      multi_json (>= 1.0)
    launchy (2.2.0)
      addressable (~> 2.3)
    multi_json (1.6.1)
    multi_xml (0.5.3)
    multipart-post (1.1.5)
    nokogiri (1.5.6)
    oauth (0.4.7)
    oauth2 (0.9.1)
      faraday (~> 0.8)
      httpauth (~> 0.1)
      jwt (~> 0.1.4)
      multi_json (~> 1.0)
      multi_xml (~> 0.5)
      rack (~> 1.2)
    pg (0.14.1)
    rack (1.5.2)
    sequel (3.44.0)
    simple_oauth (0.2.0)
    twitter (4.5.0)
      faraday (~> 0.8, < 0.10)
      multi_json (~> 1.0)
      simple_oauth (~> 0.2)
    youtube_it (2.1.13)
      builder
      faraday (~> 0.8)
      nokogiri (~> 1.5.2)
      oauth (~> 0.4.4)
      oauth2 (~> 0.6)
      simple_oauth (>= 0.1.5)

PLATFORMS
  ruby

DEPENDENCIES
  chatterbot
  pg
  sequel
  youtube_it
